GEM
  remote: http://rubygems.org/
  specs:
    activesupport (3.2.6)
      i18n (~> 0.6)
      multi_json (~> 1.0)
    i18n (0.6.0)
    json (1.6.1)
    json-schema (0.9.11)
    minitest (2.7.0)
    multi_json (1.3.6)

PLATFORMS
  ruby

DEPENDENCIES
  activesupport
  json
  json-schema
  minitest
